GEM
  remote: https://rubygems.org/
  specs:
    puma (2.13.4)
    rack (1.5.2)

PLATFORMS
  ruby

DEPENDENCIES
  puma
  rack

BUNDLED WITH
   1.10.6
